GEM
  remote: https://rubygems.org/
  specs:
    ast (2.4.3)
    bigdecimal (3.2.3)
    date (3.4.1)
    erb (5.0.2)
    extralite (2.13)
    fiddle (1.1.8)
    hashie (5.0.0)
    htmlbeautifier (1.4.3)
    io-console (0.8.1)
    irb (1.15.2)
      pp (>= 0.6.0)
      rdoc (>= 4.0.0)
      reline (>= 0.4.2)
    json (2.15.0)
    language_server-protocol (3.17.0.5)
    lint_roller (1.1.0)
    logger (1.7.0)
    minitar (1.0.2)
    minitar-cli (1.0.0)
      minitar (~> 1.0.0)
      powerbar (~> 1.0)
    minitest (5.25.5)
    nio4r (2.7.4)
    ostruct (0.6.3)
    parallel (1.27.0)
    parser (3.3.9.0)
      ast (~> 2.4.1)
      racc
    powerbar (1.0.18)
      hashie (>= 1.1.0)
    pp (0.6.2)
      prettyprint
    prettyprint (0.2.0)
    prism (1.5.1)
    psych (5.2.6)
      date
      stringio
    puma (7.0.4)
      nio4r (~> 2.0)
    racc (1.8.1)
    rack (3.2.1)
    rack-test (2.2.0)
      rack (>= 1.3)
    rack-unreloader (2.1.0)
    rackup (2.2.1)
      rack (>= 3)
    rainbow (3.1.1)
    rake (13.3.0)
    rdoc (6.14.2)
      erb
      psych (>= 4.0.0)
    redcarpet (3.6.1)
    regexp_parser (2.11.3)
    reline (0.6.2)
      io-console (~> 0.5)
    rexml (3.4.4)
    roda (3.96.0)
      rack
    rubocop (1.81.1)
      json (~> 2.3)
      language_server-protocol (~> 3.17.0.2)
      lint_roller (~> 1.1.0)
      parallel (~> 1.10)
      parser (>= 3.3.0.2)
      rainbow (>= 2.2.2, < 4.0)
      regexp_parser (>= 2.9.3, < 3.0)
      rubocop-ast (>= 1.47.1, < 2.0)
      ruby-progressbar (~> 1.7)
      unicode-display_width (>= 2.4.0, < 4.0)
    rubocop-ast (1.47.1)
      parser (>= 3.3.7.2)
      prism (~> 1.4)
    rubocop-minitest (0.38.2)
      lint_roller (~> 1.1)
      rubocop (>= 1.75.0, < 2.0)
      rubocop-ast (>= 1.38.0, < 2.0)
    rubocop-performance (1.26.0)
      lint_roller (~> 1.1)
      rubocop (>= 1.75.0, < 2.0)
      rubocop-ast (>= 1.44.0, < 2.0)
    rubocop-rake (0.7.1)
      lint_roller (~> 1.1)
      rubocop (>= 1.72.1)
    rubocop-sequel (0.4.1)
      lint_roller (~> 1.1)
      rubocop (>= 1.72.1, < 2)
    ruby-progressbar (1.13.0)
    sequel (5.97.0)
      bigdecimal
    stringio (3.1.7)
    tilt (2.6.1)
    unicode-display_width (3.2.0)
      unicode-emoji (~> 4.1)
    unicode-emoji (4.1.0)
    yard (0.9.37)

PLATFORMS
  arm64-darwin-22
  ruby
  x86_64-linux

DEPENDENCIES
  extralite (~> 2.13)
  fiddle (~> 1.1)
  htmlbeautifier
  irb
  logger (~> 1.7)
  minitar-cli (~> 1.0)
  minitest (~> 5.25)
  ostruct (~> 0.6.3)
  puma (~> 7.0)
  rack-test
  rack-unreloader (~> 2.1)
  rackup (~> 2.2.1)
  rake (~> 13.3)
  redcarpet (~> 3.6)
  reline (~> 0.6.2)
  rexml (~> 3.4)
  roda (~> 3.96)
  rubocop (~> 1.81)
  rubocop-minitest (~> 0.38.2)
  rubocop-performance (~> 1.26)
  rubocop-rake (~> 0.7.1)
  rubocop-sequel (~> 0.4.1)
  sequel (~> 5.97)
  tilt (~> 2.6)
  yard (~> 0.9.37)

BUNDLED WITH
   2.7.1
