GEM
  remote: https://rubygems.org/
  specs:
    ast (2.4.2)
    backport (1.2.0)
    benchmark (0.2.0)
    coderay (1.1.3)
    concurrent-ruby (1.1.10)
    diff-lcs (1.5.0)
    e2mmap (0.1.0)
    htmlbeautifier (1.4.2)
    jaro_winkler (1.5.4)
    json (2.6.2)
    kramdown (2.4.0)
      rexml
    kramdown-parser-gfm (1.1.0)
      kramdown (~> 2.0)
    method_source (1.0.0)
    mini_portile2 (2.8.0)
    minitar (0.9)
    minitest (5.16.3)
    nio4r (2.5.8)
    nokogiri (1.13.9)
      mini_portile2 (~> 2.8.0)
      racc (~> 1.4)
    nokogiri (1.13.9-arm64-darwin)
      racc (~> 1.4)
    nokogiri (1.13.9-x86_64-linux)
      racc (~> 1.4)
    parallel (1.22.1)
    parser (3.1.2.1)
      ast (~> 2.4.1)
    pry (0.14.1)
      coderay (~> 1.1)
      method_source (~> 1.0)
    puma (5.6.5)
      nio4r (~> 2.0)
    racc (1.6.0)
    rack (3.0.0)
    rack-test (2.0.2)
      rack (>= 1.3)
    rack-unreloader (2.0.0)
    rackup (0.2.2)
      rack (>= 3.0.0.beta1)
      webrick
    rainbow (3.1.1)
    rake (13.0.6)
    redcarpet (3.5.1)
    regexp_parser (2.6.0)
    reverse_markdown (2.1.1)
      nokogiri
    rexml (3.2.5)
    roda (3.61.0)
      rack
    rubocop (1.38.0)
      json (~> 2.3)
      parallel (~> 1.10)
      parser (>= 3.1.2.1)
      rainbow (>= 2.2.2, < 4.0)
      regexp_parser (>= 1.8, < 3.0)
      rexml (>= 3.2.5, < 4.0)
      rubocop-ast (>= 1.23.0, < 2.0)
      ruby-progressbar (~> 1.7)
      unicode-display_width (>= 1.4.0, < 3.0)
    rubocop-ast (1.23.0)
      parser (>= 3.1.1.0)
    ruby-next (0.14.1)
      ruby-next-core (= 0.14.1)
      ruby-next-parser (>= 3.1.1.0)
      unparser (~> 0.6.0)
    ruby-next-core (0.14.1)
    ruby-next-parser (3.1.1.3)
      parser (>= 3.0.3.1)
    ruby-progressbar (1.11.0)
    rutie (0.0.4)
    solargraph (0.47.2)
      backport (~> 1.2)
      benchmark
      bundler (>= 1.17.2)
      diff-lcs (~> 1.4)
      e2mmap
      jaro_winkler (~> 1.5)
      kramdown (~> 2.3)
      kramdown-parser-gfm (~> 1.1)
      parser (~> 3.0)
      reverse_markdown (>= 1.0.5, < 3)
      rubocop (>= 0.52)
      thor (~> 1.0)
      tilt (~> 2.0)
      yard (~> 0.9, >= 0.9.24)
    tantiny (0.3.3)
      concurrent-ruby (~> 1.0)
      rake (~> 13.0)
      ruby-next (~> 0.14.0)
      rutie (~> 0.0.4)
      thermite (~> 0)
    thermite (0.13.0)
      minitar (~> 0.5)
      rake (>= 10)
      tomlrb (~> 1.2)
    thor (1.2.1)
    tilt (2.0.11)
    tomlrb (1.3.0)
    unicode-display_width (2.3.0)
    unparser (0.6.5)
      diff-lcs (~> 1.3)
      parser (>= 3.1.0)
    webrick (1.7.0)
    yard (0.9.28)
      webrick (~> 1.7.0)

PLATFORMS
  arm64-darwin-21
  ruby
  x86_64-linux

DEPENDENCIES
  htmlbeautifier
  minitest (~> 5.16)
  pry
  puma (~> 5.6)
  rack-test
  rack-unreloader (~> 2.0)
  rackup (~> 0.2.2)
  rake (~> 13.0)
  redcarpet (~> 3.5)
  roda (~> 3.60)
  rubocop (~> 1.36)
  solargraph (~> 0.47)
  tantiny (= 0.3.3)
  tilt (~> 2.0)
  yard (~> 0.9.28)

BUNDLED WITH
   2.3.22
