GEM
  remote: https://rubygems.org/
  specs:
    ast (2.4.3)
    coderay (1.1.3)
    concurrent-ruby (1.3.5)
    diff-lcs (1.6.2)
    fiddle (1.1.8)
    hashie (5.0.0)
    htmlbeautifier (1.4.3)
    io-console (0.8.1)
    json (2.13.2)
    language_server-protocol (3.17.0.5)
    lint_roller (1.1.0)
    logger (1.7.0)
    method_source (1.1.0)
    minitar (0.12.1)
    minitar-cli (0.12)
      minitar (~> 0.12.0)
      powerbar (~> 1.0)
    minitest (5.25.5)
    nio4r (2.7.4)
    ostruct (0.6.3)
    parallel (1.27.0)
    parser (3.3.9.0)
      ast (~> 2.4.1)
      racc
    powerbar (1.0.18)
      hashie (>= 1.1.0)
    prism (1.4.0)
    pry (0.15.2)
      coderay (~> 1.1)
      method_source (~> 1.0)
    puma (6.6.1)
      nio4r (~> 2.0)
    racc (1.8.1)
    rack (3.1.16)
    rack-test (2.2.0)
      rack (>= 1.3)
    rack-unreloader (2.1.0)
    rackup (2.2.1)
      rack (>= 3)
    rainbow (3.1.1)
    rake (13.3.0)
    redcarpet (3.6.1)
    regexp_parser (2.11.1)
    reline (0.6.2)
      io-console (~> 0.5)
    rexml (3.4.1)
    roda (3.94.0)
      rack
    rubocop (1.79.2)
      json (~> 2.3)
      language_server-protocol (~> 3.17.0.2)
      lint_roller (~> 1.1.0)
      parallel (~> 1.10)
      parser (>= 3.3.0.2)
      rainbow (>= 2.2.2, < 4.0)
      regexp_parser (>= 2.9.3, < 3.0)
      rubocop-ast (>= 1.46.0, < 2.0)
      ruby-progressbar (~> 1.7)
      unicode-display_width (>= 2.4.0, < 4.0)
    rubocop-ast (1.46.0)
      parser (>= 3.3.7.2)
      prism (~> 1.4)
    rubocop-minitest (0.38.1)
      lint_roller (~> 1.1)
      rubocop (>= 1.75.0, < 2.0)
      rubocop-ast (>= 1.38.0, < 2.0)
    rubocop-performance (1.25.0)
      lint_roller (~> 1.1)
      rubocop (>= 1.75.0, < 2.0)
      rubocop-ast (>= 1.38.0, < 2.0)
    rubocop-rake (0.7.1)
      lint_roller (~> 1.1)
      rubocop (>= 1.72.1)
    ruby-next (0.14.1)
      ruby-next-core (= 0.14.1)
      ruby-next-parser (>= 3.1.1.0)
      unparser (~> 0.6.0)
    ruby-next-core (0.14.1)
    ruby-next-parser (3.4.0.2)
      parser (>= 3.0.3.1)
    ruby-progressbar (1.13.0)
    rutie (0.0.4)
    tantiny (0.3.3)
      concurrent-ruby (~> 1.0)
      rake (~> 13.0)
      ruby-next (~> 0.14.0)
      rutie (~> 0.0.4)
      thermite (~> 0)
    thermite (0.13.0)
      minitar (~> 0.5)
      rake (>= 10)
      tomlrb (~> 1.2)
    tilt (2.6.1)
    tomlrb (1.3.0)
    unicode-display_width (3.1.4)
      unicode-emoji (~> 4.0, >= 4.0.4)
    unicode-emoji (4.0.4)
    unparser (0.6.15)
      diff-lcs (~> 1.3)
      parser (>= 3.3.0)
    yard (0.9.37)

PLATFORMS
  arm64-darwin-22
  ruby
  x86_64-linux

DEPENDENCIES
  fiddle (~> 1.1)
  htmlbeautifier
  logger (~> 1.7)
  minitar-cli (~> 0.12)
  minitest (~> 5.25)
  ostruct (~> 0.6.3)
  pry
  puma (~> 6.6)
  rack-test
  rack-unreloader (~> 2.1)
  rackup (~> 2.2.1)
  rake (~> 13.3)
  redcarpet (~> 3.6)
  reline (~> 0.6.2)
  rexml (~> 3.4)
  roda (~> 3.94)
  rubocop (~> 1.79)
  rubocop-minitest (~> 0.38.1)
  rubocop-performance (~> 1.25)
  rubocop-rake (~> 0.7.1)
  tantiny (= 0.3.3)
  thermite (~> 0.13.0)
  tilt (~> 2.6)
  yard (~> 0.9.37)

BUNDLED WITH
   2.7.1
