GEM
  remote: https://rubygems.org/
  specs:
    ast (2.4.2)
    backport (1.2.0)
    benchmark (0.3.0)
    coderay (1.1.3)
    concurrent-ruby (1.3.4)
    diff-lcs (1.5.1)
    e2mmap (0.1.0)
    hashie (5.0.0)
    htmlbeautifier (1.4.3)
    jaro_winkler (1.6.0)
    json (2.7.2)
    kramdown (2.4.0)
      rexml
    kramdown-parser-gfm (1.1.0)
      kramdown (~> 2.0)
    language_server-protocol (3.17.0.3)
    method_source (1.1.0)
    mini_portile2 (2.8.7)
    minitar (0.12.1)
    minitar-cli (0.12)
      minitar (~> 0.12.0)
      powerbar (~> 1.0)
    minitest (5.25.1)
    nio4r (2.7.3)
    nokogiri (1.16.7)
      mini_portile2 (~> 2.8.2)
      racc (~> 1.4)
    nokogiri (1.16.7-arm64-darwin)
      racc (~> 1.4)
    nokogiri (1.16.7-x86_64-linux)
      racc (~> 1.4)
    parallel (1.26.3)
    parser (3.3.5.0)
      ast (~> 2.4.1)
      racc
    powerbar (1.0.18)
      hashie (>= 1.1.0)
    pry (0.14.2)
      coderay (~> 1.1)
      method_source (~> 1.0)
    puma (6.4.3)
      nio4r (~> 2.0)
    racc (1.8.1)
    rack (3.1.7)
    rack-test (2.1.0)
      rack (>= 1.3)
    rack-unreloader (2.1.0)
    rackup (2.1.0)
      rack (>= 3)
      webrick (~> 1.8)
    rainbow (3.1.1)
    rake (13.2.1)
    rbs (2.8.4)
    redcarpet (3.6.0)
    regexp_parser (2.9.2)
    reverse_markdown (2.1.1)
      nokogiri
    rexml (3.3.6)
      strscan
    roda (3.84.0)
      rack
    rubocop (1.66.1)
      json (~> 2.3)
      language_server-protocol (>= 3.17.0)
      parallel (~> 1.10)
      parser (>= 3.3.0.2)
      rainbow (>= 2.2.2, < 4.0)
      regexp_parser (>= 2.4, < 3.0)
      rubocop-ast (>= 1.32.2, < 2.0)
      ruby-progressbar (~> 1.7)
      unicode-display_width (>= 2.4.0, < 3.0)
    rubocop-ast (1.32.3)
      parser (>= 3.3.1.0)
    rubocop-minitest (0.36.0)
      rubocop (>= 1.61, < 2.0)
      rubocop-ast (>= 1.31.1, < 2.0)
    rubocop-performance (1.22.1)
      rubocop (>= 1.48.1, < 2.0)
      rubocop-ast (>= 1.31.1, < 2.0)
    rubocop-rake (0.6.0)
      rubocop (~> 1.0)
    ruby-next (0.14.1)
      ruby-next-core (= 0.14.1)
      ruby-next-parser (>= 3.1.1.0)
      unparser (~> 0.6.0)
    ruby-next-core (0.14.1)
    ruby-next-parser (3.2.2.0)
      parser (>= 3.0.3.1)
    ruby-progressbar (1.13.0)
    rutie (0.0.4)
    solargraph (0.50.0)
      backport (~> 1.2)
      benchmark
      bundler (~> 2.0)
      diff-lcs (~> 1.4)
      e2mmap
      jaro_winkler (~> 1.5)
      kramdown (~> 2.3)
      kramdown-parser-gfm (~> 1.1)
      parser (~> 3.0)
      rbs (~> 2.0)
      reverse_markdown (~> 2.0)
      rubocop (~> 1.38)
      thor (~> 1.0)
      tilt (~> 2.0)
      yard (~> 0.9, >= 0.9.24)
    strscan (3.1.0)
    tantiny (0.3.3)
      concurrent-ruby (~> 1.0)
      rake (~> 13.0)
      ruby-next (~> 0.14.0)
      rutie (~> 0.0.4)
      thermite (~> 0)
    thermite (0.13.0)
      minitar (~> 0.5)
      rake (>= 10)
      tomlrb (~> 1.2)
    thor (1.3.2)
    tilt (2.4.0)
    tomlrb (1.3.0)
    unicode-display_width (2.6.0)
    unparser (0.6.15)
      diff-lcs (~> 1.3)
      parser (>= 3.3.0)
    webrick (1.8.1)
    yard (0.9.37)

PLATFORMS
  arm64-darwin-22
  ruby
  x86_64-linux

DEPENDENCIES
  htmlbeautifier
  minitar-cli (~> 0.12)
  minitest (~> 5.21)
  pry
  puma (~> 6.4)
  rack-test
  rack-unreloader (~> 2.1)
  rackup (~> 2.1.0)
  rake (~> 13.1)
  redcarpet (~> 3.6)
  roda (~> 3.84)
  rubocop (~> 1.66)
  rubocop-minitest (~> 0.36.0)
  rubocop-performance (~> 1.22)
  rubocop-rake (~> 0.6.0)
  solargraph (~> 0.50)
  tantiny (= 0.3.3)
  tilt (~> 2.3)
  yard (~> 0.9.37)

BUNDLED WITH
   2.5.18
